GEM
  remote: https://rubygems.org/
  specs:
    cane (2.6.1)
      parallel
    diff-lcs (1.2.5)
    parallel (0.9.1)
    rake (10.1.1)
    reek (1.3.5)
      ruby2ruby (~> 2.0.7)
      ruby_parser (~> 3.2)
      sexp_processor
    rspec (2.14.1)
      rspec-core (~> 2.14.0)
      rspec-expectations (~> 2.14.0)
      rspec-mocks (~> 2.14.0)
    rspec-core (2.14.7)
    rspec-expectations (2.14.4)
      diff-lcs (>= 1.1.3, < 2.0)
    rspec-mocks (2.14.4)
    ruby2ruby (2.0.7)
      ruby_parser (~> 3.1)
      sexp_processor (~> 4.0)
    ruby_parser (3.2.2)
      sexp_processor (~> 4.1)
    sexp_processor (4.4.1)

PLATFORMS
  ruby

DEPENDENCIES
  cane
  rake
  reek
  rspec
